PATH
  remote: ../../../vsphere_diagram
  specs:
    vsphere_diagram (0.0.1)
      thor

GEM
  remote: http://rubygems.org/
  specs:
    thor (0.19.1)

PLATFORMS
  ruby

DEPENDENCIES
  vsphere_diagram!
